GIT
  remote: git@github.com:jdfdesign/gko_cms3.git
  revision: e929bc9dbb6ce3fea10130a163b71c265d93bed2
  specs:
    gko_albums (0.5.18)
    gko_auth (0.5.18)
      cancan (= 1.6.8)
      devise (= 2.1.2)
    gko_blog (0.5.18)
      gko_categories (= 0.5.18)
      gko_core (= 0.5.18)
      gko_stickers (= 0.5.18)
    gko_categories (0.5.18)
    gko_core (0.5.18)
      RedCloth (= 4.2.9)
      activesupport-slices (= 0.0.2)
      acts_as_indexed (~> 0.7.7)
      babosa (~> 0.3.8)
      backup (~> 3.0.24)
      capistrano
      carrierwave
      codemirror-rails (>= 2.3)
      coffee-rails (~> 3.2.2)
      cucumber (~> 1.1.4)
      dragonfly (~> 0.9.12)
      dropbox-sdk (~> 1.2.0)
      exception_notification (~> 2.6.1)
      faker (= 1.0.0)
      gem-patching (= 0.0.3)
      globalize3 (= 0.2.0)
      gon (~> 4.0.0)
      has_scope (~> 0.5.1)
      highline (= 1.6.8)
      inherited_resources (= 1.3.1)
      jquery-rails (= 2.0.3)
      json
      letter_opener
      mobile-fu
      mysql2 (~> 0.3.11)
      nested_set (= 1.7.0)
      rack-cache (~> 1.2)
      rack-mount (~> 0.8.3)
      rails (= 3.2.3.rc2)
      rake (~> 0.9.2.2)
      rmagick (~> 2.13.1)
      routing-filter (= 0.3.1)
      rubyzip (= 0.9.6.1)
      sass-rails (~> 3.2.5)
      simple_form (= 2.0.2)
      truncate_html (~> 0.5)
      uglifier (>= 1.0.3)
      uuid (= 2.3.5)
      will_paginate (~> 3.0.2)
    gko_documents (0.5.18)
      dragonfly (~> 0.9.8)
      rack-cache (>= 0.5.3)
    gko_image_bank (0.5.18)
    gko_images (0.5.18)
    gko_inquiries (0.5.18)
      filters_spam (~> 0.2)
    gko_stickers (0.5.18)

GEM
  remote: http://rubygems.org/
  specs:
    RedCloth (4.2.9)
    actionmailer (3.2.3.rc2)
      actionpack (= 3.2.3.rc2)
      mail (~> 2.4.4)
    actionpack (3.2.3.rc2)
      activemodel (= 3.2.3.rc2)
      activesupport (= 3.2.3.rc2)
      builder (~> 3.0.0)
      erubis (~> 2.7.0)
      journey (~> 1.0.1)
      rack (~> 1.4.0)
      rack-cache (~> 1.2)
      rack-test (~> 0.6.1)
      sprockets (~> 2.1.2)
    activemodel (3.2.3.rc2)
      activesupport (= 3.2.3.rc2)
      builder (~> 3.0.0)
    activerecord (3.2.3.rc2)
      activemodel (= 3.2.3.rc2)
      activesupport (= 3.2.3.rc2)
      arel (~> 3.0.2)
      tzinfo (~> 0.3.29)
    activeresource (3.2.3.rc2)
      activemodel (= 3.2.3.rc2)
      activesupport (= 3.2.3.rc2)
    activesupport (3.2.3.rc2)
      i18n (~> 0.6)
      multi_json (~> 1.0)
    activesupport-slices (0.0.2)
    acts_as_indexed (0.7.8)
    addressable (2.3.2)
    arel (3.0.2)
    babosa (0.3.8)
    backup (3.0.24)
      open4 (~> 1.3.0)
      thor (~> 0.14.6)
    bcrypt-ruby (3.0.1)
    builder (3.0.0)
    cancan (1.6.8)
    capistrano (2.13.5)
      highline
      net-scp (>= 1.0.0)
      net-sftp (>= 2.0.0)
      net-ssh (>= 2.0.14)
      net-ssh-gateway (>= 1.1.0)
    carrierwave (0.7.1)
      activemodel (>= 3.2.0)
      activesupport (>= 3.2.0)
    codemirror-rails (2.35)
      railties (~> 3.0)
    coffee-rails (3.2.2)
      coffee-script (>= 2.2.0)
      railties (~> 3.2.0)
    coffee-script (2.2.0)
      coffee-script-source
      execjs
    coffee-script-source (1.2.0)
    cucumber (1.1.9)
      builder (>= 2.1.2)
      diff-lcs (>= 1.1.2)
      gherkin (~> 2.9.0)
      json (>= 1.4.6)
      term-ansicolor (>= 1.0.6)
    devise (2.1.2)
      bcrypt-ruby (~> 3.0)
      orm_adapter (~> 0.1)
      railties (~> 3.1)
      warden (~> 1.2.1)
    diff-lcs (1.1.3)
    dragonfly (0.9.12)
      rack
    dropbox-sdk (1.2)
      json
    erubis (2.7.0)
    exception_notification (2.6.1)
      actionmailer (>= 3.0.4)
    execjs (1.3.0)
      multi_json (~> 1.0)
    faker (1.0.0)
      i18n (~> 0.4)
    filters_spam (0.3)
    gem-patching (0.0.3)
    gherkin (2.9.3)
      json (>= 1.4.6)
    globalize3 (0.2.0)
      activemodel (>= 3.0.0)
      activerecord (>= 3.0.0)
      paper_trail (~> 2)
    gon (4.0.1)
      actionpack (>= 2.3.0)
      json
    has_scope (0.5.1)
    highline (1.6.8)
    hike (1.2.1)
    i18n (0.6.0)
    iconv (0.1)
    inherited_resources (1.3.1)
      has_scope (~> 0.5.0)
      responders (~> 0.6)
    journey (1.0.3)
    jquery-rails (2.0.3)
      railties (>= 3.1.0, < 5.0)
      thor (~> 0.14)
    json (1.6.6)
    launchy (2.1.2)
      addressable (~> 2.3)
    letter_opener (1.0.0)
      launchy (>= 2.0.4)
    macaddr (1.6.1)
      systemu (~> 2.5.0)
    mail (2.4.4)
      i18n (>= 0.4.0)
      mime-types (~> 1.16)
      treetop (~> 1.4.8)
    mime-types (1.19)
    mobile-fu (1.1.1)
      rack-mobile-detect
      rails
    multi_json (1.2.0)
    mysql2 (0.3.11)
    nested_set (1.7.0)
      activerecord (>= 3.0.0)
      railties (>= 3.0.0)
    net-scp (1.0.4)
      net-ssh (>= 1.99.1)
    net-sftp (2.0.5)
      net-ssh (>= 2.0.9)
    net-ssh (2.6.2)
    net-ssh-gateway (1.1.0)
      net-ssh (>= 1.99.1)
    open4 (1.3.0)
    orm_adapter (0.4.0)
    paper_trail (2.6.4)
      activerecord (~> 3.0)
      railties (~> 3.0)
    polyglot (0.3.3)
    rack (1.4.1)
    rack-cache (1.2)
      rack (>= 0.4)
    rack-mobile-detect (0.4.0)
      rack
    rack-mount (0.8.3)
      rack (>= 1.0.0)
    rack-ssl (1.3.2)
      rack
    rack-test (0.6.1)
      rack (>= 1.0)
    rails (3.2.3.rc2)
      actionmailer (= 3.2.3.rc2)
      actionpack (= 3.2.3.rc2)
      activerecord (= 3.2.3.rc2)
      activeresource (= 3.2.3.rc2)
      activesupport (= 3.2.3.rc2)
      bundler (~> 1.0)
      railties (= 3.2.3.rc2)
    railties (3.2.3.rc2)
      actionpack (= 3.2.3.rc2)
      activesupport (= 3.2.3.rc2)
      rack-ssl (~> 1.3.2)
      rake (>= 0.8.7)
      rdoc (~> 3.4)
      thor (~> 0.14.6)
    rake (0.9.2.2)
    rdoc (3.12)
      json (~> 1.4)
    responders (0.9.3)
      railties (~> 3.1)
    rmagick (2.13.1)
    routing-filter (0.3.1)
      actionpack
    rubyzip (0.9.6.1)
    sass (3.1.15)
    sass-rails (3.2.5)
      railties (~> 3.2.0)
      sass (>= 3.1.10)
      tilt (~> 1.3)
    simple_form (2.0.2)
      actionpack (~> 3.0)
      activemodel (~> 3.0)
    sprockets (2.1.2)
      hike (~> 1.2)
      rack (~> 1.0)
      tilt (~> 1.1, != 1.3.0)
    systemu (2.5.2)
    term-ansicolor (1.0.7)
    thor (0.14.6)
    tilt (1.3.3)
    treetop (1.4.12)
      polyglot
      polyglot (>= 0.3.1)
    truncate_html (0.5.5)
    tzinfo (0.3.35)
    uglifier (1.2.4)
      execjs (>= 0.3.0)
      multi_json (>= 1.0.2)
    uuid (2.3.5)
      macaddr (~> 1.0)
    warden (1.2.1)
      rack (>= 1.0)
    will_paginate (3.0.3)

PLATFORMS
  ruby

DEPENDENCIES
  coffee-rails (~> 3.2.2)
  gko_albums (= 0.5.18)!
  gko_auth (= 0.5.18)!
  gko_blog (= 0.5.18)!
  gko_categories (= 0.5.18)!
  gko_core (= 0.5.18)!
  gko_documents (= 0.5.18)!
  gko_image_bank (= 0.5.18)!
  gko_images (= 0.5.18)!
  gko_inquiries (= 0.5.18)!
  gko_stickers (= 0.5.18)!
  iconv
  sass-rails (~> 3.2.5)
  uglifier (>= 1.0.3)
