GIT
  remote: git@github.com:jdfdesign/gko_cms3.git
  revision: 57edcd12cb9b95e7799049a9419a35c9a1400968
  tag: v0.6.24.RC15
  specs:
    gko_albums (0.6.24.RC15)
    gko_auth (0.6.24.RC15)
      cancan (>= 1.6.8)
      devise (>= 2.1.2)
    gko_blog (0.6.24.RC15)
      gko_categories (= 0.6.24.RC15)
      gko_core (= 0.6.24.RC15)
      gko_stickers (= 0.6.24.RC15)
    gko_categories (0.6.24.RC15)
    gko_core (0.6.24.RC15)
      RedCloth (= 4.2.9)
      activesupport-slices (= 0.0.2)
      acts_as_indexed (~> 0.7.7)
      babosa (~> 0.3.8)
      backup (~> 3.0.24)
      capistrano
      carrierwave
      codemirror-rails (>= 2.3)
      coffee-rails (~> 3.2.2)
      cucumber (~> 1.1.4)
      dragonfly (~> 0.9.13)
      dropbox-sdk (~> 1.2.0)
      exception_notification (~> 3.0.0)
      execjs
      faker (= 1.0.0)
      gem-patching (= 0.0.3)
      globalize3 (= 0.2.0)
      gon (~> 4.0.0)
      has_scope (~> 0.5.1)
      highline (= 1.6.8)
      inherited_resources (= 1.3.1)
      jquery-rails (= 2.0.3)
      json
      letter_opener (~> 1.0.0)
      lol_dba
      mail_form (~> 1.3.0)
      mobile-fu (~> 1.1.1)
      mysql2 (~> 0.3.11)
      nested_set (= 1.7.0)
      rack-cache (~> 1.2)
      rack-mount (~> 0.8.3)
      rails (~> 3.2.13.rc2)
      rake (~> 10.0.2)
      rmagick (~> 2.13.1)
      routing-filter (= 0.3.1)
      rubyzip (= 0.9.6.1)
      sass-rails (~> 3.2.6)
      simple_form (~> 2.0.4)
      therubyracer
      to_xls (~> 1.5.1)
      truncate_html (= 0.5.5)
      uglifier (>= 1.0.3)
      uuid (= 2.3.5)
      will_paginate (~> 3.0.2)
    gko_documents (0.6.24.RC15)
      dragonfly (~> 0.9.8)
      rack-cache (>= 0.5.3)
    gko_image_bank (0.6.24.RC15)
    gko_images (0.6.24.RC15)
    gko_inquiries (0.6.24.RC15)
      filters_spam (~> 0.2)
    gko_stickers (0.6.24.RC15)

GEM
  remote: http://rubygems.org/
  specs:
    RedCloth (4.2.9)
    actionmailer (3.2.13)
      actionpack (= 3.2.13)
      mail (~> 2.5.3)
    actionpack (3.2.13)
      activemodel (= 3.2.13)
      activesupport (= 3.2.13)
      builder (~> 3.0.0)
      erubis (~> 2.7.0)
      journey (~> 1.0.4)
      rack (~> 1.4.5)
      rack-cache (~> 1.2)
      rack-test (~> 0.6.1)
      sprockets (~> 2.2.1)
    activemodel (3.2.13)
      activesupport (= 3.2.13)
      builder (~> 3.0.0)
    activerecord (3.2.13)
      activemodel (= 3.2.13)
      activesupport (= 3.2.13)
      arel (~> 3.0.2)
      tzinfo (~> 0.3.29)
    activeresource (3.2.13)
      activemodel (= 3.2.13)
      activesupport (= 3.2.13)
    activesupport (3.2.13)
      i18n (= 0.6.1)
      multi_json (~> 1.0)
    activesupport-slices (0.0.2)
    acts_as_indexed (0.7.8)
    addressable (2.3.3)
    arel (3.0.2)
    babosa (0.3.9)
    backup (3.0.27)
      open4 (~> 1.3.0)
      thor (>= 0.15.4, < 2)
    bcrypt-ruby (3.0.1)
    builder (3.0.4)
    cancan (1.6.9)
    capistrano (2.14.2)
      highline
      net-scp (>= 1.0.0)
      net-sftp (>= 2.0.0)
      net-ssh (>= 2.0.14)
      net-ssh-gateway (>= 1.1.0)
    carrierwave (0.8.0)
      activemodel (>= 3.2.0)
      activesupport (>= 3.2.0)
    codemirror-rails (3.02)
      railties (~> 3.0)
    coffee-rails (3.2.2)
      coffee-script (>= 2.2.0)
      railties (~> 3.2.0)
    coffee-script (2.2.0)
      coffee-script-source
      execjs
    coffee-script-source (1.6.2)
    cucumber (1.1.9)
      builder (>= 2.1.2)
      diff-lcs (>= 1.1.2)
      gherkin (~> 2.9.0)
      json (>= 1.4.6)
      term-ansicolor (>= 1.0.6)
    devise (2.2.3)
      bcrypt-ruby (~> 3.0)
      orm_adapter (~> 0.1)
      railties (~> 3.1)
      warden (~> 1.2.1)
    diff-lcs (1.2.2)
    dragonfly (0.9.14)
      multi_json (~> 1.0)
      rack
    dropbox-sdk (1.2)
      json
    erubis (2.7.0)
    exception_notification (3.0.1)
      actionmailer (>= 3.0.4)
    execjs (1.4.0)
      multi_json (~> 1.0)
    faker (1.0.0)
      i18n (~> 0.4)
    filters_spam (0.3)
    gem-patching (0.0.3)
    gherkin (2.9.3)
      json (>= 1.4.6)
    globalize3 (0.2.0)
      activemodel (>= 3.0.0)
      activerecord (>= 3.0.0)
      paper_trail (~> 2)
    gon (4.0.2)
      actionpack (>= 2.3.0)
      json
    has_scope (0.5.1)
    highline (1.6.8)
    hike (1.2.1)
    i18n (0.6.1)
    inherited_resources (1.3.1)
      has_scope (~> 0.5.0)
      responders (~> 0.6)
    journey (1.0.4)
    jquery-rails (2.0.3)
      railties (>= 3.1.0, < 5.0)
      thor (~> 0.14)
    json (1.7.7)
    launchy (2.2.0)
      addressable (~> 2.3)
    letter_opener (1.0.0)
      launchy (>= 2.0.4)
    libv8 (3.11.8.17)
    lol_dba (1.5.0)
      actionpack (>= 3.0)
      activerecord (>= 3.0)
      railties (>= 3.0)
    macaddr (1.6.1)
      systemu (~> 2.5.0)
    mail (2.5.3)
      i18n (>= 0.4.0)
      mime-types (~> 1.16)
      treetop (~> 1.4.8)
    mail_form (1.3.0)
    mime-types (1.22)
    mobile-fu (1.1.1)
      rack-mobile-detect
      rails
    multi_json (1.7.2)
    mysql2 (0.3.11)
    nested_set (1.7.0)
      activerecord (>= 3.0.0)
      railties (>= 3.0.0)
    net-scp (1.1.0)
      net-ssh (>= 2.6.5)
    net-sftp (2.1.1)
      net-ssh (>= 2.6.5)
    net-ssh (2.6.6)
    net-ssh-gateway (1.2.0)
      net-ssh (>= 2.6.5)
    open4 (1.3.0)
    orm_adapter (0.4.0)
    paper_trail (2.7.1)
      activerecord (~> 3.0)
      railties (~> 3.0)
    polyglot (0.3.3)
    rack (1.4.5)
    rack-cache (1.2)
      rack (>= 0.4)
    rack-mobile-detect (0.4.0)
      rack
    rack-mount (0.8.3)
      rack (>= 1.0.0)
    rack-ssl (1.3.3)
      rack
    rack-test (0.6.2)
      rack (>= 1.0)
    rails (3.2.13)
      actionmailer (= 3.2.13)
      actionpack (= 3.2.13)
      activerecord (= 3.2.13)
      activeresource (= 3.2.13)
      activesupport (= 3.2.13)
      bundler (~> 1.0)
      railties (= 3.2.13)
    railties (3.2.13)
      actionpack (= 3.2.13)
      activesupport (= 3.2.13)
      rack-ssl (~> 1.3.2)
      rake (>= 0.8.7)
      rdoc (~> 3.4)
      thor (>= 0.14.6, < 2.0)
    rake (10.0.4)
    rdoc (3.12.2)
      json (~> 1.4)
    ref (1.0.4)
    responders (0.9.3)
      railties (~> 3.1)
    rmagick (2.13.2)
    routing-filter (0.3.1)
      actionpack
    ruby-ole (1.2.11.6)
    rubyzip (0.9.6.1)
    sass (3.2.7)
    sass-rails (3.2.6)
      railties (~> 3.2.0)
      sass (>= 3.1.10)
      tilt (~> 1.3)
    simple_form (2.0.4)
      actionpack (~> 3.0)
      activemodel (~> 3.0)
    spreadsheet (0.8.3)
      ruby-ole (>= 1.0)
    sprockets (2.2.2)
      hike (~> 1.2)
      multi_json (~> 1.0)
      rack (~> 1.0)
      tilt (~> 1.1, != 1.3.0)
    systemu (2.5.2)
    term-ansicolor (1.1.4)
    therubyracer (0.11.4)
      libv8 (~> 3.11.8.12)
      ref
    thor (0.18.1)
    tilt (1.3.6)
    to_xls (1.5.2)
      spreadsheet
    treetop (1.4.12)
      polyglot
      polyglot (>= 0.3.1)
    truncate_html (0.5.5)
    tzinfo (0.3.37)
    uglifier (1.3.0)
      execjs (>= 0.3.0)
      multi_json (~> 1.0, >= 1.0.2)
    uuid (2.3.5)
      macaddr (~> 1.0)
    warden (1.2.1)
      rack (>= 1.0)
    will_paginate (3.0.4)

PLATFORMS
  ruby

DEPENDENCIES
  coffee-rails (~> 3.2.2)
  gko_albums!
  gko_auth!
  gko_blog!
  gko_categories!
  gko_core!
  gko_documents!
  gko_image_bank!
  gko_images!
  gko_inquiries!
  gko_stickers!
  sass-rails (~> 3.2.6)
  uglifier (>= 1.0.3)
