GIT
  remote: git@github.com:jdfdesign/gko_cms3.git
  revision: 6c3b4e04ba7244c2a529553707292f3ce147bdbf
  tag: v0.8.10.3
  specs:
    gko_albums (0.8.10.3)
    gko_auth (0.8.10.3)
      cancan (~> 1.6.10)
      devise (~> 2.2.3)
    gko_blog (0.8.10.3)
    gko_categories (0.8.10.3)
    gko_core (0.8.10.3)
      RedCloth (= 4.2.9)
      activesupport-slices (= 0.0.2)
      acts_as_indexed (~> 0.7.7)
      babosa (~> 0.3.8)
      capistrano (~> 2.14)
      carrierwave (~> 0.9.0)
      codemirror-rails (>= 2.3)
      coffee-rails (~> 3.2.2)
      country_select (~> 1.2.0)
      cucumber (~> 1.1.4)
      dragonfly (~> 0.9.15)
      exception_notification (~> 3.0.0)
      execjs
      faker (~> 1.2.0)
      gem-patching (= 0.0.3)
      globalize (~> 3.1.0)
      has_scope (~> 0.5.1)
      highline (~> 1.6.20)
      inherited_resources (~> 1.3.1)
      jquery-rails (= 2.0.3)
      json (~> 1.8.1)
      letter_opener (~> 1.1.1)
      mail_form (~> 1.3.0)
      mobile-fu (~> 1.1.1)
      mysql2 (~> 0.3.14)
      nested_set (~> 1.7.1)
      rack-cache (~> 1.2)
      rack-mount (~> 0.8.3)
      rails (~> 3.2.16)
      rake (~> 10.1.1)
      rmagick (~> 2.13.2)
      routing-filter (= 0.3.1)
      rubyzip (= 0.9.6.1)
      sass-rails (~> 3.2.6)
      simple_form (~> 2.1.1)
      therubyracer
      to_xls (~> 1.5.1)
      truncate_html (= 0.5.5)
      uglifier (~> 2.4.0)
      uuid (~> 2.3.7)
      will_paginate (~> 3.0.2)
    gko_documents (0.8.10.3)
      dragonfly (~> 0.9.8)
      rack-cache (>= 0.5.3)
    gko_image_bank (0.8.10.3)
    gko_inquiries (0.8.10.3)
      filters_spam (~> 0.2)
    gko_stickers (0.8.10.3)

GEM
  remote: https://rubygems.org/
  specs:
    RedCloth (4.2.9)
    actionmailer (3.2.17)
      actionpack (= 3.2.17)
      mail (~> 2.5.4)
    actionpack (3.2.17)
      activemodel (= 3.2.17)
      activesupport (= 3.2.17)
      builder (~> 3.0.0)
      erubis (~> 2.7.0)
      journey (~> 1.0.4)
      rack (~> 1.4.5)
      rack-cache (~> 1.2)
      rack-test (~> 0.6.1)
      sprockets (~> 2.2.1)
    activemodel (3.2.17)
      activesupport (= 3.2.17)
      builder (~> 3.0.0)
    activerecord (3.2.17)
      activemodel (= 3.2.17)
      activesupport (= 3.2.17)
      arel (~> 3.0.2)
      tzinfo (~> 0.3.29)
    activeresource (3.2.17)
      activemodel (= 3.2.17)
      activesupport (= 3.2.17)
    activesupport (3.2.17)
      i18n (~> 0.6, >= 0.6.4)
      multi_json (~> 1.0)
    activesupport-slices (0.0.2)
    acts_as_indexed (0.7.8)
    addressable (2.3.6)
    arel (3.0.3)
    babosa (0.3.11)
    bcrypt (3.1.7)
    bcrypt-ruby (3.1.5)
      bcrypt (>= 3.1.3)
    builder (3.0.4)
    cancan (1.6.10)
    capistrano (2.15.5)
      highline
      net-scp (>= 1.0.0)
      net-sftp (>= 2.0.0)
      net-ssh (>= 2.0.14)
      net-ssh-gateway (>= 1.1.0)
    carrierwave (0.9.0)
      activemodel (>= 3.2.0)
      activesupport (>= 3.2.0)
      json (>= 1.7)
    codemirror-rails (4.1)
      railties (>= 3.0, < 5)
    coffee-rails (3.2.2)
      coffee-script (>= 2.2.0)
      railties (~> 3.2.0)
    coffee-script (2.2.0)
      coffee-script-source
      execjs
    coffee-script-source (1.7.0)
    country_select (1.2.0)
    cucumber (1.1.9)
      builder (>= 2.1.2)
      diff-lcs (>= 1.1.2)
      gherkin (~> 2.9.0)
      json (>= 1.4.6)
      term-ansicolor (>= 1.0.6)
    devise (2.2.8)
      bcrypt-ruby (~> 3.0)
      orm_adapter (~> 0.1)
      railties (~> 3.1)
      warden (~> 1.2.1)
    diff-lcs (1.2.5)
    dragonfly (0.9.15)
      multi_json (~> 1.0)
      rack
    erubis (2.7.0)
    exception_notification (3.0.1)
      actionmailer (>= 3.0.4)
    execjs (2.0.2)
    faker (1.2.0)
      i18n (~> 0.5)
    filters_spam (0.4)
    gem-patching (0.0.3)
    gherkin (2.9.3)
      json (>= 1.4.6)
    globalize (3.1.0)
      activemodel (>= 3.1.0, < 4.0.0)
      activerecord (>= 3.1.0, < 4.0.0)
    has_scope (0.5.1)
    highline (1.6.21)
    hike (1.2.3)
    i18n (0.6.9)
    inherited_resources (1.3.1)
      has_scope (~> 0.5.0)
      responders (~> 0.6)
    journey (1.0.4)
    jquery-rails (2.0.3)
      railties (>= 3.1.0, < 5.0)
      thor (~> 0.14)
    json (1.8.1)
    launchy (2.4.2)
      addressable (~> 2.3)
    letter_opener (1.1.2)
      launchy (~> 2.2)
    libv8 (3.16.14.3)
    macaddr (1.7.1)
      systemu (~> 2.6.2)
    mail (2.5.4)
      mime-types (~> 1.16)
      treetop (~> 1.4.8)
    mail_form (1.3.0)
    mime-types (1.25.1)
    mobile-fu (1.1.1)
      rack-mobile-detect
      rails
    multi_json (1.9.2)
    mysql2 (0.3.16)
    nested_set (1.7.1)
      activerecord (>= 3.0.0)
      railties (>= 3.0.0)
    net-scp (1.2.1)
      net-ssh (>= 2.6.5)
    net-sftp (2.1.2)
      net-ssh (>= 2.6.5)
    net-ssh (2.9.1)
    net-ssh-gateway (1.2.0)
      net-ssh (>= 2.6.5)
    orm_adapter (0.5.0)
    polyglot (0.3.4)
    rack (1.4.5)
    rack-cache (1.2)
      rack (>= 0.4)
    rack-mobile-detect (0.4.0)
      rack
    rack-mount (0.8.3)
      rack (>= 1.0.0)
    rack-ssl (1.3.4)
      rack
    rack-test (0.6.2)
      rack (>= 1.0)
    rails (3.2.17)
      actionmailer (= 3.2.17)
      actionpack (= 3.2.17)
      activerecord (= 3.2.17)
      activeresource (= 3.2.17)
      activesupport (= 3.2.17)
      bundler (~> 1.0)
      railties (= 3.2.17)
    railties (3.2.17)
      actionpack (= 3.2.17)
      activesupport (= 3.2.17)
      rack-ssl (~> 1.3.2)
      rake (>= 0.8.7)
      rdoc (~> 3.4)
      thor (>= 0.14.6, < 2.0)
    rake (10.1.1)
    rdoc (3.12.2)
      json (~> 1.4)
    ref (1.0.5)
    responders (0.9.3)
      railties (~> 3.1)
    rmagick (2.13.2)
    routing-filter (0.3.1)
      actionpack
    ruby-ole (1.2.11.7)
    rubyzip (0.9.6.1)
    sass (3.2.14)
    sass-rails (3.2.6)
      railties (~> 3.2.0)
      sass (>= 3.1.10)
      tilt (~> 1.3)
    simple_form (2.1.1)
      actionpack (~> 3.0)
      activemodel (~> 3.0)
    spreadsheet (0.9.7)
      ruby-ole (>= 1.0)
    sprockets (2.2.2)
      hike (~> 1.2)
      multi_json (~> 1.0)
      rack (~> 1.0)
      tilt (~> 1.1, != 1.3.0)
    systemu (2.6.4)
    term-ansicolor (1.3.0)
      tins (~> 1.0)
    therubyracer (0.12.1)
      libv8 (~> 3.16.14.0)
      ref
    thor (0.19.1)
    tilt (1.4.1)
    tins (1.3.0)
    to_xls (1.5.3)
      spreadsheet
    treetop (1.4.15)
      polyglot
      polyglot (>= 0.3.1)
    truncate_html (0.5.5)
    tzinfo (0.3.39)
    uglifier (2.4.0)
      execjs (>= 0.3.0)
      json (>= 1.8.0)
    uuid (2.3.7)
      macaddr (~> 1.0)
    warden (1.2.3)
      rack (>= 1.0)
    will_paginate (3.0.5)

PLATFORMS
  ruby

DEPENDENCIES
  coffee-rails (~> 3.2.2)
  gko_albums!
  gko_auth!
  gko_blog!
  gko_categories!
  gko_core!
  gko_documents!
  gko_image_bank!
  gko_inquiries!
  gko_stickers!
  sass (= 3.2.14)
  sass-rails (~> 3.2.6)
  uglifier (~> 2.4.0)
